GEM
  remote: https://rubygems.org/
  specs:
    thor (1.3.1)

PLATFORMS
  aarch64-linux
  arm64-darwin-22

DEPENDENCIES
  thor

BUNDLED WITH
   2.4.22
